GEM
  remote: https://rubygems.org/
  specs:
    byebug (9.0.6)
    coderay (1.1.1)
    haml (4.0.7)
      tilt
    kgio (2.10.0)
    method_source (0.8.2)
    mime-types (3.1)
      mime-types-data (~> 3.2015)
    mime-types-data (3.2016.0521)
    pry (0.10.4)
      coderay (~> 1.1.0)
      method_source (~> 0.8.1)
      slop (~> 3.4)
    pry-byebug (3.4.0)
      byebug (~> 9.0)
      pry (~> 0.10)
    rack (1.6.4)
    rack-protection (1.5.3)
      rack
    raindrops (0.17.0)
    sinatra (1.4.7)
      rack (~> 1.5)
      rack-protection (~> 1.4)
      tilt (>= 1.3, < 3)
    slop (3.6.0)
    tilt (2.0.5)
    unicorn (5.1.0)
      kgio (~> 2.6)
      raindrops (~> 0.7)
    vlc-client (0.0.6)

PLATFORMS
  ruby

DEPENDENCIES
  haml (~> 4.0.7)
  mime-types (~> 3.1)
  pry-byebug
  sinatra (~> 1.4.7)
  unicorn (~> 5.1.0)
  vlc-client (~> 0.0.6)

BUNDLED WITH
   1.13.2
